PATH
  remote: .
  specs:
    cocoathin (0.1.0)
      minitest (~> 5.11)
      rainbow (~> 2.2)
      thor (~> 0.19)

GEM
  remote: https://rubygems.org/
  specs:
    minitest (5.14.0)
    rainbow (2.2.2)
      rake
    rake (10.5.0)
    thor (0.20.3)

PLATFORMS
  ruby

DEPENDENCIES
  bundler (~> 1.17)
  cocoathin!
  rake (~> 10.0)

BUNDLED WITH
   1.17.3
